PATH
  remote: .
  specs:
    gitjira (0.0.1)
      highline
      rest-client (~> 1.6)

GEM
  remote: https://rubygems.org/
  specs:
    highline (1.6.8)
    mime-types (1.23)
    rake (10.0.4)
    rest-client (1.6.7)
      mime-types (>= 1.16)

PLATFORMS
  ruby

DEPENDENCIES
  bundler (~> 1.3)
  gitjira!
  rake
